STORAGE: NONE
RESTRICTION: || (== net48) (== net5.0) (== netcoreapp3.1)
NUGET
  remote: https://api.nuget.org/v3/index.json
    Castle.Core (4.4.1)
      NETStandard.Library (>= 1.6.1) - restriction: || (&& (== net48) (< net35)) (== net5.0) (== netcoreapp3.1)
      System.Collections.Specialized (>= 4.3) - restriction: || (&& (== net48) (< net35)) (== net5.0) (== netcoreapp3.1)
      System.ComponentModel (>= 4.3) - restriction: || (&& (== net48) (< net35)) (== net5.0) (== netcoreapp3.1)
      System.ComponentModel.TypeConverter (>= 4.3) - restriction: || (&& (== net48) (< net35)) (== net5.0) (== netcoreapp3.1)
      System.Diagnostics.TraceSource (>= 4.3) - restriction: || (&& (== net48) (< net35)) (== net5.0) (== netcoreapp3.1)
      System.Dynamic.Runtime (>= 4.3) - restriction: || (&& (== net48) (< net35)) (== net5.0) (== netcoreapp3.1)
      System.Reflection (>= 4.3) - restriction: || (&& (== net48) (< net35)) (== net5.0) (== netcoreapp3.1)
      System.Reflection.Emit (>= 4.3) - restriction: || (&& (== net48) (< net35)) (== net5.0) (== netcoreapp3.1)
      System.Reflection.TypeExtensions (>= 4.3) - restriction: || (&& (== net48) (< net35)) (== net5.0) (== netcoreapp3.1)
      System.Xml.XmlDocument (>= 4.3) - restriction: || (&& (== net48) (< net35)) (== net5.0) (== netcoreapp3.1)
    Microsoft.CodeCoverage (16.11)
    Microsoft.NET.Test.Sdk (16.11)
      Microsoft.CodeCoverage (>= 16.11)
      Microsoft.TestPlatform.TestHost (>= 16.11) - restriction: || (&& (== net48) (>= netcoreapp1.0)) (== net5.0) (== netcoreapp3.1)
    Microsoft.NETCore.Platforms (5.0.2) - restriction: || (&& (== net48) (< net35)) (&& (== net48) (>= netcoreapp2.0)) (&& (== net48) (< netstandard1.0) (>= win8)) (&& (== net48) (< netstandard1.3) (>= wpa81)) (&& (== net48) (< netstandard1.5) (>= uap10.0)) (&& (== net48) (>= uap10.1)) (&& (== net48) (>= wp8)) (== net5.0) (== netcoreapp3.1)
    Microsoft.NETCore.Targets (5.0) - restriction: || (&& (== net48) (< net35)) (== net5.0) (== netcoreapp3.1)
    Microsoft.TestPlatform.ObjectModel (16.11) - restriction: || (&& (== net48) (>= netcoreapp1.0)) (== net5.0) (== netcoreapp3.1)
      NuGet.Frameworks (>= 5.0)
      System.Reflection.Metadata (>= 1.6)
    Microsoft.TestPlatform.TestHost (16.11) - restriction: || (&& (== net48) (>= netcoreapp1.0)) (== net5.0) (== netcoreapp3.1)
      Microsoft.TestPlatform.ObjectModel (>= 16.11) - restriction: || (&& (== net48) (>= netcoreapp1.0)) (&& (== net48) (>= uap10.0)) (== net5.0) (== netcoreapp3.1)
      Newtonsoft.Json (>= 9.0.1) - restriction: || (&& (== net48) (>= netcoreapp1.0)) (&& (== net48) (>= uap10.0)) (== net5.0) (== netcoreapp3.1)
    Moq (4.16.1)
      Castle.Core (>= 4.4)
      System.Threading.Tasks.Extensions (>= 4.5.4)
    NETStandard.Library (2.0.3) - restriction: || (&& (== net48) (< net35)) (== net5.0) (== netcoreapp3.1)
      Microsoft.NETCore.Platforms (>= 1.1)
    Newtonsoft.Json (13.0.1) - restriction: || (&& (== net48) (>= netcoreapp1.0)) (== net5.0) (== netcoreapp3.1)
    NuGet.Frameworks (5.11) - restriction: || (&& (== net48) (>= netcoreapp1.0)) (&& (== net48) (>= netcoreapp2.1)) (== net5.0) (== netcoreapp3.1)
    NUnit (3.13.2)
      NETStandard.Library (>= 2.0) - restriction: || (&& (== net48) (< net35)) (== net5.0) (== netcoreapp3.1)
    NUnit3TestAdapter (4.0)
    runtime.native.System (4.3.1) - restriction: || (&& (== net48) (< net35)) (== net5.0) (== netcoreapp3.1)
      Microsoft.NETCore.Platforms (>= 1.1.1)
      Microsoft.NETCore.Targets (>= 1.1.3)
    System.Collections (4.3) - restriction: || (&& (== net48) (< net35)) (== net5.0) (== netcoreapp3.1)
      Microsoft.NETCore.Platforms (>= 1.1) - restriction: || (&& (== net48) (< net45)) (== net5.0) (== netcoreapp3.1)
      Microsoft.NETCore.Targets (>= 1.1) - restriction: || (&& (== net48) (< net45)) (== net5.0) (== netcoreapp3.1)
      System.Runtime (>= 4.3) - restriction: || (&& (== net48) (< net45)) (== net5.0) (== netcoreapp3.1)
    System.Collections.Immutable (5.0) - restriction: || (&& (== net48) (== net5.0)) (&& (== net48) (>= netcoreapp1.0)) (&& (== net48) (>= netcoreapp2.1)) (&& (== net5.0) (>= net461)) (&& (== net5.0) (< netstandard1.1)) (&& (== net5.0) (< netstandard2.0)) (== netcoreapp3.1)
    System.Collections.NonGeneric (4.3) - restriction: || (&& (== net48) (< net35)) (== net5.0) (== netcoreapp3.1)
      System.Diagnostics.Debug (>= 4.3) - restriction: || (&& (== net48) (< net46)) (== net5.0) (== netcoreapp3.1)
      System.Globalization (>= 4.3) - restriction: || (&& (== net48) (< net46)) (== net5.0) (== netcoreapp3.1)
      System.Resources.ResourceManager (>= 4.3) - restriction: || (&& (== net48) (< net46)) (== net5.0) (== netcoreapp3.1)
      System.Runtime (>= 4.3) - restriction: || (&& (== net48) (< net46)) (== net5.0) (== netcoreapp3.1)
      System.Runtime.Extensions (>= 4.3) - restriction: || (&& (== net48) (< net46)) (== net5.0) (== netcoreapp3.1)
      System.Threading (>= 4.3) - restriction: || (&& (== net48) (< net46)) (== net5.0) (== netcoreapp3.1)
    System.Collections.Specialized (4.3) - restriction: || (&& (== net48) (< net35)) (== net5.0) (== netcoreapp3.1)
      System.Collections.NonGeneric (>= 4.3) - restriction: || (&& (== net48) (< net46)) (== net5.0) (== netcoreapp3.1)
      System.Globalization (>= 4.3) - restriction: || (&& (== net48) (< net46)) (== net5.0) (== netcoreapp3.1)
      System.Globalization.Extensions (>= 4.3) - restriction: || (&& (== net48) (< net46)) (== net5.0) (== netcoreapp3.1)
      System.Resources.ResourceManager (>= 4.3) - restriction: || (&& (== net48) (< net46)) (== net5.0) (== netcoreapp3.1)
      System.Runtime (>= 4.3) - restriction: || (&& (== net48) (< net46)) (== net5.0) (== netcoreapp3.1)
      System.Runtime.Extensions (>= 4.3) - restriction: || (&& (== net48) (< net46)) (== net5.0) (== netcoreapp3.1)
      System.Threading (>= 4.3) - restriction: || (&& (== net48) (< net46)) (== net5.0) (== netcoreapp3.1)
    System.ComponentModel (4.3) - restriction: || (&& (== net48) (< net35)) (== net5.0) (== netcoreapp3.1)
      System.Runtime (>= 4.3) - restriction: || (&& (== net48) (< net45)) (== net5.0) (== netcoreapp3.1)
    System.ComponentModel.Primitives (4.3) - restriction: || (&& (== net48) (< net35)) (&& (== net48) (< netstandard1.0) (>= win8)) (&& (== net48) (>= wp8)) (&& (== net48) (>= wpa81)) (== net5.0) (== netcoreapp3.1)
      System.ComponentModel (>= 4.3) - restriction: || (&& (== net48) (< net45)) (== net5.0) (== netcoreapp3.1)
      System.Resources.ResourceManager (>= 4.3) - restriction: || (&& (== net48) (< net45)) (== net5.0) (== netcoreapp3.1)
      System.Runtime (>= 4.3) - restriction: || (&& (== net48) (< net45)) (== net5.0) (== netcoreapp3.1)
    System.ComponentModel.TypeConverter (4.3) - restriction: || (&& (== net48) (< net35)) (== net5.0) (== netcoreapp3.1)
      System.Collections (>= 4.3) - restriction: || (&& (== net48) (< net45)) (== net5.0) (== netcoreapp3.1)
      System.Collections.NonGeneric (>= 4.3)
      System.Collections.Specialized (>= 4.3) - restriction: || (&& (== net48) (< net45)) (== net5.0) (== netcoreapp3.1)
      System.ComponentModel (>= 4.3) - restriction: || (&& (== net48) (< net45)) (== net5.0) (== netcoreapp3.1)
      System.ComponentModel.Primitives (>= 4.3)
      System.Globalization (>= 4.3) - restriction: || (&& (== net48) (< net45)) (== net5.0) (== netcoreapp3.1)
      System.Linq (>= 4.3) - restriction: || (&& (== net48) (< net45)) (== net5.0) (== netcoreapp3.1)
      System.Reflection (>= 4.3) - restriction: || (&& (== net48) (< net45)) (== net5.0) (== netcoreapp3.1)
      System.Reflection.Extensions (>= 4.3) - restriction: || (&& (== net48) (< net45)) (== net5.0) (== netcoreapp3.1)
      System.Reflection.Primitives (>= 4.3) - restriction: || (&& (== net48) (< net45)) (== net5.0) (== netcoreapp3.1)
      System.Reflection.TypeExtensions (>= 4.3) - restriction: || (&& (== net48) (< net45)) (== net5.0) (== netcoreapp3.1)
      System.Resources.ResourceManager (>= 4.3) - restriction: || (&& (== net48) (< net45)) (== net5.0) (== netcoreapp3.1)
      System.Runtime (>= 4.3) - restriction: || (&& (== net48) (< net45)) (== net5.0) (== netcoreapp3.1)
      System.Runtime.Extensions (>= 4.3) - restriction: || (&& (== net48) (< net45)) (== net5.0) (== netcoreapp3.1)
      System.Threading (>= 4.3) - restriction: || (&& (== net48) (< net45)) (== net5.0) (== netcoreapp3.1)
    System.Diagnostics.Debug (4.3) - restriction: || (&& (== net48) (< net35)) (== net5.0) (== netcoreapp3.1)
      Microsoft.NETCore.Platforms (>= 1.1) - restriction: || (&& (== net48) (< net45)) (== net5.0) (== netcoreapp3.1)
      Microsoft.NETCore.Targets (>= 1.1) - restriction: || (&& (== net48) (< net45)) (== net5.0) (== netcoreapp3.1)
      System.Runtime (>= 4.3) - restriction: || (&& (== net48) (< net45)) (== net5.0) (== netcoreapp3.1)
    System.Diagnostics.TraceSource (4.3) - restriction: || (&& (== net48) (< net35)) (== net5.0) (== netcoreapp3.1)
      Microsoft.NETCore.Platforms (>= 1.1) - restriction: || (&& (== net48) (< net46)) (== net5.0) (== netcoreapp3.1)
      runtime.native.System (>= 4.3) - restriction: || (&& (== net48) (< net46)) (== net5.0) (== netcoreapp3.1)
      System.Collections (>= 4.3) - restriction: || (&& (== net48) (< net46)) (== net5.0) (== netcoreapp3.1)
      System.Diagnostics.Debug (>= 4.3) - restriction: || (&& (== net48) (< net46)) (== net5.0) (== netcoreapp3.1)
      System.Globalization (>= 4.3) - restriction: || (&& (== net48) (< net46)) (== net5.0) (== netcoreapp3.1)
      System.Resources.ResourceManager (>= 4.3) - restriction: || (&& (== net48) (< net46)) (== net5.0) (== netcoreapp3.1)
      System.Runtime (>= 4.3) - restriction: || (&& (== net48) (< net46)) (== net5.0) (== netcoreapp3.1)
      System.Runtime.Extensions (>= 4.3) - restriction: || (&& (== net48) (< net46)) (== net5.0) (== netcoreapp3.1)
      System.Threading (>= 4.3) - restriction: || (&& (== net48) (< net46)) (== net5.0) (== netcoreapp3.1)
    System.Dynamic.Runtime (4.3) - restriction: || (&& (== net48) (< net35)) (== net5.0) (== netcoreapp3.1)
      System.Collections (>= 4.3) - restriction: || (&& (== net48) (< net45)) (== net5.0) (== netcoreapp3.1)
      System.Diagnostics.Debug (>= 4.3) - restriction: || (&& (== net48) (< net45)) (== net5.0) (== netcoreapp3.1)
      System.Linq (>= 4.3) - restriction: || (&& (== net48) (< net45)) (== net5.0) (== netcoreapp3.1)
      System.Linq.Expressions (>= 4.3) - restriction: || (&& (== net48) (< net45)) (== net5.0) (== netcoreapp3.1)
      System.ObjectModel (>= 4.3) - restriction: || (&& (== net48) (< net45)) (== net5.0) (== netcoreapp3.1)
      System.Reflection (>= 4.3) - restriction: || (&& (== net48) (< net45)) (== net5.0) (== netcoreapp3.1)
      System.Reflection.Emit (>= 4.3) - restriction: || (&& (== net48) (< net45)) (== net5.0) (== netcoreapp3.1)
      System.Reflection.Emit.ILGeneration (>= 4.3) - restriction: || (&& (== net48) (< net45)) (== net5.0) (== netcoreapp3.1)
      System.Reflection.Primitives (>= 4.3) - restriction: || (&& (== net48) (< net45)) (== net5.0) (== netcoreapp3.1)
      System.Reflection.TypeExtensions (>= 4.3) - restriction: || (&& (== net48) (< net45)) (== net5.0) (== netcoreapp3.1)
      System.Resources.ResourceManager (>= 4.3) - restriction: || (&& (== net48) (< net45)) (== net5.0) (== netcoreapp3.1)
      System.Runtime (>= 4.3) - restriction: || (&& (== net48) (< net45)) (== net5.0) (== netcoreapp3.1)
      System.Runtime.Extensions (>= 4.3) - restriction: || (&& (== net48) (< net45)) (== net5.0) (== netcoreapp3.1)
      System.Threading (>= 4.3) - restriction: || (&& (== net48) (< net45)) (== net5.0) (== netcoreapp3.1)
    System.Globalization (4.3) - restriction: || (&& (== net48) (< net35)) (== net5.0) (== netcoreapp3.1)
      Microsoft.NETCore.Platforms (>= 1.1) - restriction: || (&& (== net48) (< net45)) (== net5.0) (== netcoreapp3.1)
      Microsoft.NETCore.Targets (>= 1.1) - restriction: || (&& (== net48) (< net45)) (== net5.0) (== netcoreapp3.1)
      System.Runtime (>= 4.3) - restriction: || (&& (== net48) (< net45)) (== net5.0) (== netcoreapp3.1)
    System.Globalization.Extensions (4.3) - restriction: || (&& (== net48) (< net35)) (== net5.0) (== netcoreapp3.1)
      Microsoft.NETCore.Platforms (>= 1.1) - restriction: || (&& (== net48) (< net46)) (== net5.0) (== netcoreapp3.1)
      System.Globalization (>= 4.3) - restriction: || (&& (== net48) (< net46)) (== net5.0) (== netcoreapp3.1)
      System.Resources.ResourceManager (>= 4.3) - restriction: || (&& (== net48) (< net46)) (== net5.0) (== netcoreapp3.1)
      System.Runtime (>= 4.3) - restriction: || (&& (== net48) (< net46)) (== net5.0) (== netcoreapp3.1)
      System.Runtime.Extensions (>= 4.3) - restriction: || (&& (== net48) (< net46)) (== net5.0) (== netcoreapp3.1)
      System.Runtime.InteropServices (>= 4.3) - restriction: || (&& (== net48) (< net46)) (== net5.0) (== netcoreapp3.1)
    System.IO (4.3) - restriction: || (&& (== net48) (< net35)) (== net5.0) (== netcoreapp3.1)
      Microsoft.NETCore.Platforms (>= 1.1) - restriction: || (&& (== net48) (< net45)) (== net5.0) (== netcoreapp3.1)
      Microsoft.NETCore.Targets (>= 1.1) - restriction: || (&& (== net48) (< net45)) (== net5.0) (== netcoreapp3.1)
      System.Runtime (>= 4.3) - restriction: || (&& (== net48) (< net45)) (== net5.0) (== netcoreapp3.1)
      System.Text.Encoding (>= 4.3) - restriction: || (&& (== net48) (< net45)) (== net5.0) (== netcoreapp3.1)
      System.Threading.Tasks (>= 4.3) - restriction: || (&& (== net48) (< net45)) (== net5.0) (== netcoreapp3.1)
    System.IO.FileSystem (4.3) - restriction: || (&& (== net48) (< net35)) (== net5.0) (== netcoreapp3.1)
      Microsoft.NETCore.Platforms (>= 1.1) - restriction: || (&& (== net48) (< net46)) (== net5.0) (== netcoreapp3.1)
      Microsoft.NETCore.Targets (>= 1.1) - restriction: || (&& (== net48) (< net46)) (== net5.0) (== netcoreapp3.1)
      System.IO (>= 4.3) - restriction: || (&& (== net48) (< net46)) (== net5.0) (== netcoreapp3.1)
      System.IO.FileSystem.Primitives (>= 4.3)
      System.Runtime (>= 4.3) - restriction: || (&& (== net48) (< net46)) (== net5.0) (== netcoreapp3.1)
      System.Runtime.Handles (>= 4.3) - restriction: || (&& (== net48) (< net46)) (== net5.0) (== netcoreapp3.1)
      System.Text.Encoding (>= 4.3) - restriction: || (&& (== net48) (< net46)) (== net5.0) (== netcoreapp3.1)
      System.Threading.Tasks (>= 4.3) - restriction: || (&& (== net48) (< net46)) (== net5.0) (== netcoreapp3.1)
    System.IO.FileSystem.Primitives (4.3) - restriction: || (&& (== net48) (< net35)) (== net5.0) (== netcoreapp3.1)
      System.Runtime (>= 4.3) - restriction: || (&& (== net48) (< net46)) (== net5.0) (== netcoreapp3.1)
    System.Linq (4.3) - restriction: || (&& (== net48) (< net35)) (== net5.0) (== netcoreapp3.1)
      System.Collections (>= 4.3) - restriction: || (&& (== net48) (< net45)) (== net5.0) (== netcoreapp3.1)
      System.Diagnostics.Debug (>= 4.3) - restriction: || (&& (== net48) (< net45)) (== net5.0) (== netcoreapp3.1)
      System.Resources.ResourceManager (>= 4.3) - restriction: || (&& (== net48) (< net45)) (== net5.0) (== netcoreapp3.1)
      System.Runtime (>= 4.3) - restriction: || (&& (== net48) (< net45)) (== net5.0) (== netcoreapp3.1)
      System.Runtime.Extensions (>= 4.3) - restriction: || (&& (== net48) (< net45)) (== net5.0) (== netcoreapp3.1)
    System.Linq.Expressions (4.3) - restriction: || (&& (== net48) (< net35)) (== net5.0) (== netcoreapp3.1)
      System.Collections (>= 4.3) - restriction: || (&& (== net48) (< net45)) (== net5.0) (== netcoreapp3.1)
      System.Diagnostics.Debug (>= 4.3) - restriction: || (&& (== net48) (< net45)) (== net5.0) (== netcoreapp3.1)
      System.Globalization (>= 4.3) - restriction: || (&& (== net48) (< net45)) (== net5.0) (== netcoreapp3.1)
      System.IO (>= 4.3) - restriction: || (&& (== net48) (< net45)) (== net5.0) (== netcoreapp3.1)
      System.Linq (>= 4.3) - restriction: || (&& (== net48) (< net45)) (== net5.0) (== netcoreapp3.1)
      System.ObjectModel (>= 4.3) - restriction: || (&& (== net48) (< net45)) (== net5.0) (== netcoreapp3.1)
      System.Reflection (>= 4.3) - restriction: || (&& (== net48) (< net45)) (== net5.0) (== netcoreapp3.1)
      System.Reflection.Emit (>= 4.3) - restriction: || (&& (== net48) (< net45)) (== net5.0) (== netcoreapp3.1)
      System.Reflection.Emit.ILGeneration (>= 4.3) - restriction: || (&& (== net48) (< net45)) (== net5.0) (== netcoreapp3.1)
      System.Reflection.Emit.Lightweight (>= 4.3) - restriction: || (&& (== net48) (< net45)) (== net5.0) (== netcoreapp3.1)
      System.Reflection.Extensions (>= 4.3) - restriction: || (&& (== net48) (< net45)) (== net5.0) (== netcoreapp3.1)
      System.Reflection.Primitives (>= 4.3) - restriction: || (&& (== net48) (< net45)) (== net5.0) (== netcoreapp3.1)
      System.Reflection.TypeExtensions (>= 4.3) - restriction: || (&& (== net48) (< net45)) (== net5.0) (== netcoreapp3.1)
      System.Resources.ResourceManager (>= 4.3) - restriction: || (&& (== net48) (< net45)) (== net5.0) (== netcoreapp3.1)
      System.Runtime (>= 4.3) - restriction: || (&& (== net48) (< net45)) (== net5.0) (== netcoreapp3.1)
      System.Runtime.Extensions (>= 4.3) - restriction: || (&& (== net48) (< net45)) (== net5.0) (== netcoreapp3.1)
      System.Threading (>= 4.3) - restriction: || (&& (== net48) (< net45)) (== net5.0) (== netcoreapp3.1)
    System.ObjectModel (4.3) - restriction: || (&& (== net48) (< net35)) (== net5.0) (== netcoreapp3.1)
      System.Collections (>= 4.3) - restriction: || (&& (== net48) (< net45)) (== net5.0) (== netcoreapp3.1)
      System.Diagnostics.Debug (>= 4.3) - restriction: || (&& (== net48) (< net45)) (== net5.0) (== netcoreapp3.1)
      System.Resources.ResourceManager (>= 4.3) - restriction: || (&& (== net48) (< net45)) (== net5.0) (== netcoreapp3.1)
      System.Runtime (>= 4.3) - restriction: || (&& (== net48) (< net45)) (== net5.0) (== netcoreapp3.1)
      System.Threading (>= 4.3) - restriction: || (&& (== net48) (< net45)) (== net5.0) (== netcoreapp3.1)
    System.Reflection (4.3) - restriction: || (&& (== net48) (< net35)) (== net5.0) (== netcoreapp3.1)
      Microsoft.NETCore.Platforms (>= 1.1) - restriction: || (&& (== net48) (< net45)) (== net5.0) (== netcoreapp3.1)
      Microsoft.NETCore.Targets (>= 1.1) - restriction: || (&& (== net48) (< net45)) (== net5.0) (== netcoreapp3.1)
      System.IO (>= 4.3) - restriction: || (&& (== net48) (< net45)) (== net5.0) (== netcoreapp3.1)
      System.Reflection.Primitives (>= 4.3) - restriction: || (&& (== net48) (< net45)) (== net5.0) (== netcoreapp3.1)
      System.Runtime (>= 4.3) - restriction: || (&& (== net48) (< net45)) (== net5.0) (== netcoreapp3.1)
    System.Reflection.Emit (4.7) - restriction: || (&& (== net48) (< net35)) (== net5.0) (== netcoreapp3.1)
    System.Reflection.Emit.ILGeneration (4.7) - restriction: || (&& (== net48) (< net35)) (== net5.0) (== netcoreapp3.1)
    System.Reflection.Emit.Lightweight (4.7) - restriction: || (&& (== net48) (< net35)) (== net5.0) (== netcoreapp3.1)
    System.Reflection.Extensions (4.3) - restriction: || (&& (== net48) (< net35)) (== net5.0) (== netcoreapp3.1)
      Microsoft.NETCore.Platforms (>= 1.1) - restriction: || (&& (== net48) (< net45)) (== net5.0) (== netcoreapp3.1)
      Microsoft.NETCore.Targets (>= 1.1) - restriction: || (&& (== net48) (< net45)) (== net5.0) (== netcoreapp3.1)
      System.Reflection (>= 4.3) - restriction: || (&& (== net48) (< net45)) (== net5.0) (== netcoreapp3.1)
      System.Runtime (>= 4.3) - restriction: || (&& (== net48) (< net45)) (== net5.0) (== netcoreapp3.1)
    System.Reflection.Metadata (5.0) - restriction: || (&& (== net48) (>= netcoreapp1.0)) (&& (== net48) (>= netcoreapp2.1)) (== net5.0) (== netcoreapp3.1)
      System.Collections.Immutable (>= 5.0) - restriction: || (== net48) (&& (== net5.0) (>= net461)) (&& (== net5.0) (< netstandard1.1)) (&& (== net5.0) (< netstandard2.0)) (== netcoreapp3.1)
    System.Reflection.Primitives (4.3) - restriction: || (&& (== net48) (< net35)) (== net5.0) (== netcoreapp3.1)
      Microsoft.NETCore.Platforms (>= 1.1) - restriction: || (&& (== net48) (< net45)) (== net5.0) (== netcoreapp3.1)
      Microsoft.NETCore.Targets (>= 1.1) - restriction: || (&& (== net48) (< net45)) (== net5.0) (== netcoreapp3.1)
      System.Runtime (>= 4.3) - restriction: || (&& (== net48) (< net45)) (== net5.0) (== netcoreapp3.1)
    System.Reflection.TypeExtensions (4.7) - restriction: || (&& (== net48) (< net35)) (== net5.0) (== netcoreapp3.1)
    System.Resources.ResourceManager (4.3) - restriction: || (&& (== net48) (< net35)) (== net5.0) (== netcoreapp3.1)
      Microsoft.NETCore.Platforms (>= 1.1) - restriction: || (&& (== net48) (< net45)) (== net5.0) (== netcoreapp3.1)
      Microsoft.NETCore.Targets (>= 1.1) - restriction: || (&& (== net48) (< net45)) (== net5.0) (== netcoreapp3.1)
      System.Globalization (>= 4.3) - restriction: || (&& (== net48) (< net45)) (== net5.0) (== netcoreapp3.1)
      System.Reflection (>= 4.3) - restriction: || (&& (== net48) (< net45)) (== net5.0) (== netcoreapp3.1)
      System.Runtime (>= 4.3) - restriction: || (&& (== net48) (< net45)) (== net5.0) (== netcoreapp3.1)
    System.Runtime (4.3.1) - restriction: || (&& (== net48) (< net35)) (== net5.0) (== netcoreapp3.1)
      Microsoft.NETCore.Platforms (>= 1.1.1) - restriction: || (&& (== net48) (< net45)) (== net5.0) (== netcoreapp3.1)
      Microsoft.NETCore.Targets (>= 1.1.3) - restriction: || (&& (== net48) (< net45)) (== net5.0) (== netcoreapp3.1)
    System.Runtime.CompilerServices.Unsafe (5.0) - restriction: || (== net48) (&& (== net5.0) (>= net461)) (&& (== net5.0) (< netcoreapp2.1)) (&& (== net5.0) (< netstandard1.0)) (&& (== net5.0) (< netstandard2.0)) (&& (== net5.0) (>= wp8)) (&& (== netcoreapp3.1) (>= net461)) (&& (== netcoreapp3.1) (< netcoreapp2.1)) (&& (== netcoreapp3.1) (< netstandard1.0)) (&& (== netcoreapp3.1) (< netstandard2.0)) (&& (== netcoreapp3.1) (>= wp8))
    System.Runtime.Extensions (4.3.1) - restriction: || (&& (== net48) (< net35)) (== net5.0) (== netcoreapp3.1)
      Microsoft.NETCore.Platforms (>= 1.1.1) - restriction: || (&& (== net48) (< net45)) (== net5.0) (== netcoreapp3.1)
      Microsoft.NETCore.Targets (>= 1.1.3) - restriction: || (&& (== net48) (< net45)) (== net5.0) (== netcoreapp3.1)
      System.Runtime (>= 4.3.1) - restriction: || (&& (== net48) (< net45)) (== net5.0) (== netcoreapp3.1)
    System.Runtime.Handles (4.3) - restriction: || (&& (== net48) (< net35)) (&& (== net48) (>= netcoreapp1.1)) (== net5.0) (== netcoreapp3.1)
      Microsoft.NETCore.Platforms (>= 1.1) - restriction: || (&& (== net48) (< net46)) (== net5.0) (== netcoreapp3.1)
      Microsoft.NETCore.Targets (>= 1.1) - restriction: || (&& (== net48) (< net46)) (== net5.0) (== netcoreapp3.1)
      System.Runtime (>= 4.3) - restriction: || (&& (== net48) (< net46)) (== net5.0) (== netcoreapp3.1)
    System.Runtime.InteropServices (4.3) - restriction: || (&& (== net48) (< net35)) (== net5.0) (== netcoreapp3.1)
      Microsoft.NETCore.Platforms (>= 1.1) - restriction: || (&& (== net48) (< net45)) (&& (== net48) (>= netcoreapp1.1)) (== net5.0) (== netcoreapp3.1)
      Microsoft.NETCore.Targets (>= 1.1) - restriction: || (&& (== net48) (< net45)) (&& (== net48) (>= netcoreapp1.1)) (== net5.0) (== netcoreapp3.1)
      System.Reflection (>= 4.3) - restriction: || (&& (== net48) (< net45)) (&& (== net48) (>= netcoreapp1.1)) (== net5.0) (== netcoreapp3.1)
      System.Reflection.Primitives (>= 4.3) - restriction: || (&& (== net48) (< net45)) (&& (== net48) (>= netcoreapp1.1)) (== net5.0) (== netcoreapp3.1)
      System.Runtime (>= 4.3)
      System.Runtime.Handles (>= 4.3) - restriction: || (&& (== net48) (< net45)) (&& (== net48) (>= netcoreapp1.1)) (== net5.0) (== netcoreapp3.1)
    System.Text.Encoding (4.3) - restriction: || (&& (== net48) (< net35)) (== net5.0) (== netcoreapp3.1)
      Microsoft.NETCore.Platforms (>= 1.1) - restriction: || (&& (== net48) (< net45)) (== net5.0) (== netcoreapp3.1)
      Microsoft.NETCore.Targets (>= 1.1) - restriction: || (&& (== net48) (< net45)) (== net5.0) (== netcoreapp3.1)
      System.Runtime (>= 4.3) - restriction: || (&& (== net48) (< net45)) (== net5.0) (== netcoreapp3.1)
    System.Text.Encoding.Extensions (4.3) - restriction: || (&& (== net48) (< net35)) (== net5.0) (== netcoreapp3.1)
      Microsoft.NETCore.Platforms (>= 1.1) - restriction: || (&& (== net48) (< net45)) (== net5.0) (== netcoreapp3.1)
      Microsoft.NETCore.Targets (>= 1.1) - restriction: || (&& (== net48) (< net45)) (== net5.0) (== netcoreapp3.1)
      System.Runtime (>= 4.3) - restriction: || (&& (== net48) (< net45)) (== net5.0) (== netcoreapp3.1)
      System.Text.Encoding (>= 4.3) - restriction: || (&& (== net48) (< net45)) (== net5.0) (== netcoreapp3.1)
    System.Text.RegularExpressions (4.3.1) - restriction: || (&& (== net48) (< net35)) (== net5.0) (== netcoreapp3.1)
      System.Runtime (>= 4.3.1) - restriction: || (&& (== net48) (< net45)) (&& (== net48) (>= netcoreapp1.1)) (== net5.0) (== netcoreapp3.1)
    System.Threading (4.3) - restriction: || (&& (== net48) (< net35)) (== net5.0) (== netcoreapp3.1)
      System.Runtime (>= 4.3) - restriction: || (&& (== net48) (< net45)) (== net5.0) (== netcoreapp3.1)
      System.Threading.Tasks (>= 4.3) - restriction: || (&& (== net48) (< net45)) (== net5.0) (== netcoreapp3.1)
    System.Threading.Tasks (4.3) - restriction: || (&& (== net48) (< net35)) (== net5.0) (== netcoreapp3.1)
      Microsoft.NETCore.Platforms (>= 1.1) - restriction: || (&& (== net48) (< net45)) (== net5.0) (== netcoreapp3.1)
      Microsoft.NETCore.Targets (>= 1.1) - restriction: || (&& (== net48) (< net45)) (== net5.0) (== netcoreapp3.1)
      System.Runtime (>= 4.3) - restriction: || (&& (== net48) (< net45)) (== net5.0) (== netcoreapp3.1)
    System.Threading.Tasks.Extensions (4.5.4)
      System.Runtime.CompilerServices.Unsafe (>= 4.5.3) - restriction: || (== net48) (&& (== net5.0) (>= net461)) (&& (== net5.0) (< netcoreapp2.1)) (&& (== net5.0) (< netstandard1.0)) (&& (== net5.0) (< netstandard2.0)) (&& (== net5.0) (>= wp8)) (&& (== netcoreapp3.1) (>= net461)) (&& (== netcoreapp3.1) (< netcoreapp2.1)) (&& (== netcoreapp3.1) (< netstandard1.0)) (&& (== netcoreapp3.1) (< netstandard2.0)) (&& (== netcoreapp3.1) (>= wp8))
    System.Xml.ReaderWriter (4.3.1) - restriction: || (&& (== net48) (< net35)) (== net5.0) (== netcoreapp3.1)
      System.Collections (>= 4.3) - restriction: || (&& (== net48) (< net45)) (== net5.0) (== netcoreapp3.1)
      System.Diagnostics.Debug (>= 4.3) - restriction: || (&& (== net48) (< net45)) (== net5.0) (== netcoreapp3.1)
      System.Globalization (>= 4.3) - restriction: || (&& (== net48) (< net45)) (== net5.0) (== netcoreapp3.1)
      System.IO (>= 4.3) - restriction: || (&& (== net48) (< net45)) (== net5.0) (== netcoreapp3.1)
      System.IO.FileSystem (>= 4.3) - restriction: || (&& (== net48) (< net45)) (== net5.0) (== netcoreapp3.1)
      System.IO.FileSystem.Primitives (>= 4.3) - restriction: || (&& (== net48) (< net45)) (== net5.0) (== netcoreapp3.1)
      System.Resources.ResourceManager (>= 4.3) - restriction: || (&& (== net48) (< net45)) (== net5.0) (== netcoreapp3.1)
      System.Runtime (>= 4.3) - restriction: || (&& (== net48) (< net45)) (== net5.0) (== netcoreapp3.1)
      System.Runtime.Extensions (>= 4.3) - restriction: || (&& (== net48) (< net45)) (== net5.0) (== netcoreapp3.1)
      System.Runtime.InteropServices (>= 4.3) - restriction: || (&& (== net48) (< net45)) (== net5.0) (== netcoreapp3.1)
      System.Text.Encoding (>= 4.3) - restriction: || (&& (== net48) (< net45)) (== net5.0) (== netcoreapp3.1)
      System.Text.Encoding.Extensions (>= 4.3) - restriction: || (&& (== net48) (< net45)) (== net5.0) (== netcoreapp3.1)
      System.Text.RegularExpressions (>= 4.3) - restriction: || (&& (== net48) (< net45)) (== net5.0) (== netcoreapp3.1)
      System.Threading.Tasks (>= 4.3) - restriction: || (&& (== net48) (< net45)) (== net5.0) (== netcoreapp3.1)
      System.Threading.Tasks.Extensions (>= 4.3) - restriction: || (&& (== net48) (< net45)) (== net5.0) (== netcoreapp3.1)
    System.Xml.XmlDocument (4.3) - restriction: || (&& (== net48) (< net35)) (== net5.0) (== netcoreapp3.1)
      System.Collections (>= 4.3) - restriction: || (&& (== net48) (< net46)) (== net5.0) (== netcoreapp3.1)
      System.Diagnostics.Debug (>= 4.3) - restriction: || (&& (== net48) (< net46)) (== net5.0) (== netcoreapp3.1)
      System.Globalization (>= 4.3) - restriction: || (&& (== net48) (< net46)) (== net5.0) (== netcoreapp3.1)
      System.IO (>= 4.3) - restriction: || (&& (== net48) (< net46)) (== net5.0) (== netcoreapp3.1)
      System.Resources.ResourceManager (>= 4.3) - restriction: || (&& (== net48) (< net46)) (== net5.0) (== netcoreapp3.1)
      System.Runtime (>= 4.3) - restriction: || (&& (== net48) (< net46)) (== net5.0) (== netcoreapp3.1)
      System.Runtime.Extensions (>= 4.3) - restriction: || (&& (== net48) (< net46)) (== net5.0) (== netcoreapp3.1)
      System.Text.Encoding (>= 4.3) - restriction: || (&& (== net48) (< net46)) (== net5.0) (== netcoreapp3.1)
      System.Threading (>= 4.3) - restriction: || (&& (== net48) (< net46)) (== net5.0) (== netcoreapp3.1)
      System.Xml.ReaderWriter (>= 4.3) - restriction: || (&& (== net48) (< net46)) (== net5.0) (== netcoreapp3.1)
